GEM
  remote: http://rubygems.org/
  specs:
    commonjs (0.2.6)
    haml (3.1.6)
    json (1.7.3)
    less (2.2.1)
      commonjs (~> 0.2.6)
    rack (1.4.1)
    rack-protection (1.2.0)
      rack
    sinatra (1.3.2)
      rack (~> 1.3, >= 1.3.6)
      rack-protection (~> 1.2)
      tilt (~> 1.3, >= 1.3.3)
    tilt (1.3.3)

PLATFORMS
  ruby

DEPENDENCIES
  haml
  json
  less
  sinatra
